GEM
  remote: https://rubygems.org/
  specs:
    dotenv (2.8.1)
    interactor (3.1.2)
    minitest (5.19.0)
    mocha (2.1.0)
      ruby2_keywords (>= 0.0.5)
    nio4r (2.5.9)
    puma (6.3.1)
      nio4r (~> 2.0)
    rack (3.0.8)
    rackup (2.1.0)
      rack (>= 3)
      webrick (~> 1.8)
    ruby2_keywords (0.0.5)
    webrick (1.8.1)

PLATFORMS
  arm64-darwin-21

DEPENDENCIES
  dotenv (~> 2.8)
  interactor (~> 3.1)
  minitest (~> 5.19)
  mocha (~> 2.1)
  puma (~> 6.3)
  rackup (~> 2.1)

BUNDLED WITH
   2.4.19
